GEM
  remote: http://rubygems.org/
  specs:
    actionmailer (2.3.8)
      actionpack (= 2.3.8)
    actionpack (2.3.8)
      activesupport (= 2.3.8)
      rack (~> 1.1.0)
    activerecord (2.3.8)
      activesupport (= 2.3.8)
    activeresource (2.3.8)
      activesupport (= 2.3.8)
    activesupport (2.3.8)
    aws-s3 (0.6.2)
      builder
      mime-types
      xml-simple
    babosa (0.2.0)
    builder (2.1.2)
    capybara (0.3.9)
      culerity (>= 0.2.4)
      mime-types (>= 1.16)
      nokogiri (>= 1.3.3)
      rack (>= 1.0.0)
      rack-test (>= 0.5.4)
      selenium-webdriver (>= 0.0.3)
    crack (0.1.6)
    cucumber (0.9.0)
      builder (~> 2.1.2)
      diff-lcs (~> 1.1.2)
      gherkin (~> 2.2.2)
      json (~> 1.4.6)
      term-ansicolor (~> 1.0.5)
    cucumber-rails (0.3.2)
      cucumber (>= 0.8.0)
    culerity (0.2.12)
    database_cleaner (0.5.2)
    devise (1.0.8)
      warden (~> 0.10.3)
    diff-lcs (1.1.2)
    ffi (0.6.3)
      rake (>= 0.8.7)
    friendly_id (3.1.6)
      babosa (~> 0.2.0)
    gherkin (2.2.5)
      json (~> 1.4.6)
      term-ansicolor (~> 1.0.5)
      trollop (~> 1.16.2)
    hashie (0.2.2)
    httparty (0.5.2)
      crack (= 0.1.6)
    icalendar (1.1.5)
    json (1.4.6)
    json_pure (1.4.6)
    mime-types (1.16)
    mysql (2.8.1)
    nokogiri (1.4.3.1)
    oauth (0.4.3)
    paperclip (2.3.3)
      activerecord
      activesupport
    rack (1.1.0)
    rack-test (0.5.6)
      rack (>= 1.0)
    rails (2.3.8)
      actionmailer (= 2.3.8)
      actionpack (= 2.3.8)
      activerecord (= 2.3.8)
      activeresource (= 2.3.8)
      activesupport (= 2.3.8)
      rake (>= 0.8.3)
    rake (0.8.7)
    remarkable (3.1.13)
      rspec (>= 1.2.0)
    remarkable_activerecord (3.1.13)
      remarkable (~> 3.1.13)
      rspec (>= 1.2.0)
    remarkable_rails (3.1.13)
      remarkable (~> 3.1.13)
      remarkable_activerecord (~> 3.1.13)
      rspec (>= 1.2.0)
      rspec-rails (>= 1.2.0)
    rspec (1.3.0)
    rspec-rails (1.3.2)
      rack (>= 1.0.0)
      rspec (>= 1.3.0)
    rubyzip (0.9.4)
    selenium-webdriver (0.0.28)
      ffi (>= 0.6.1)
      json_pure
      rubyzip
    shorturl (0.8.8)
    term-ansicolor (1.0.5)
    trollop (1.16.2)
    twitter (0.9.8)
      hashie (~> 0.2.0)
      httparty (~> 0.5.0)
      oauth (~> 0.4.1)
      yajl-ruby (~> 0.7.0)
    warden (0.10.7)
      rack (>= 1.0.0)
    xml-simple (1.0.12)
    yajl-ruby (0.7.8)

PLATFORMS
  ruby

DEPENDENCIES
  aws-s3
  capybara (>= 0.3.0)
  cucumber-rails (>= 0.3.0)
  database_cleaner (>= 0.5.0)
  devise (= 1.0.8)
  friendly_id (= 3.1.6)
  icalendar (= 1.1.5)
  mysql
  paperclip
  rails (= 2.3.8)
  remarkable (= 3.1.13)
  remarkable_rails (= 3.1.13)
  rspec (= 1.3.0)
  rspec-rails
  shorturl (= 0.8.8)
  twitter (= 0.9.8)
